PATH
  remote: .
  specs:
    shapewear (0.1.5)
      builder (>= 2.1.2)
      nokogiri (>= 1.5.0)

GEM
  remote: http://rubygems.org/
  specs:
    addressable (2.2.6)
    akami (1.0.0)
      gyoku (>= 0.4.0)
    builder (3.0.0)
    crack (0.3.1)
    diff-lcs (1.1.3)
    gyoku (0.4.4)
      builder (>= 2.1.2)
    httpi (0.9.5)
      rack
    nokogiri (1.5.0)
    nori (1.0.2)
    rack (1.4.0)
    rack-test (0.6.1)
      rack (>= 1.0)
    rake (0.9.2.2)
    rspec (2.7.0)
      rspec-core (~> 2.7.0)
      rspec-expectations (~> 2.7.0)
      rspec-mocks (~> 2.7.0)
    rspec-core (2.7.1)
    rspec-expectations (2.7.0)
      diff-lcs (~> 1.1.2)
    rspec-mocks (2.7.0)
    savon (0.9.7)
      akami (~> 1.0)
      builder (>= 2.1.2)
      gyoku (>= 0.4.0)
      httpi (~> 0.9)
      nokogiri (>= 1.4.0)
      nori (~> 1.0)
      wasabi (~> 2.0)
    wasabi (2.0.0)
      nokogiri (>= 1.4.0)
    webmock (1.7.10)
      addressable (~> 2.2, > 2.2.5)
      crack (>= 0.1.7)

PLATFORMS
  ruby

DEPENDENCIES
  rack-test
  rake (~> 0.9.2)
  rspec (~> 2.7.0)
  savon
  shapewear!
  wasabi
  webmock
